GEM
  remote: http://rubygems.org/
  specs:
    actionmailer (3.1.1.rc2)
      actionpack (= 3.1.1.rc2)
      mail (~> 2.3.0)
    actionpack (3.1.1.rc2)
      activemodel (= 3.1.1.rc2)
      activesupport (= 3.1.1.rc2)
      builder (~> 3.0.0)
      erubis (~> 2.7.0)
      i18n (~> 0.6)
      rack (~> 1.3.2)
      rack-cache (~> 1.0.3)
      rack-mount (~> 0.8.2)
      rack-test (~> 0.6.1)
      sprockets (~> 2.0.0)
    activemodel (3.1.1.rc2)
      activesupport (= 3.1.1.rc2)
      builder (~> 3.0.0)
      i18n (~> 0.6)
    activerecord (3.1.1.rc2)
      activemodel (= 3.1.1.rc2)
      activesupport (= 3.1.1.rc2)
      arel (~> 2.2.1)
      tzinfo (~> 0.3.29)
    activeresource (3.1.1.rc2)
      activemodel (= 3.1.1.rc2)
      activesupport (= 3.1.1.rc2)
    activesupport (3.1.1.rc2)
      multi_json (~> 1.0)
    airbrake (3.0.4)
      activesupport
      builder
    arel (2.2.1)
    bcrypt-ruby (3.0.1)
    builder (3.0.0)
    coffee-rails (3.1.1)
      coffee-script (>= 2.2.0)
      railties (~> 3.1.0)
    coffee-script (2.2.0)
      coffee-script-source
      execjs
    coffee-script-source (1.1.2)
    devise (1.4.7)
      bcrypt-ruby (~> 3.0)
      orm_adapter (~> 0.0.3)
      warden (~> 1.0.3)
    erubis (2.7.0)
    execjs (1.2.9)
      multi_json (~> 1.0)
    hike (1.2.1)
    i18n (0.6.0)
    jquery-rails (1.0.14)
      railties (~> 3.0)
      thor (~> 0.14)
    json (1.6.1)
    mail (2.3.0)
      i18n (>= 0.4.0)
      mime-types (~> 1.16)
      treetop (~> 1.4.8)
    mime-types (1.16)
    multi_json (1.0.3)
    orm_adapter (0.0.5)
    pg (0.11.0)
    polyglot (0.3.2)
    rack (1.3.5)
    rack-cache (1.0.3)
      rack (>= 0.4)
    rack-mount (0.8.3)
      rack (>= 1.0.0)
    rack-ssl (1.3.2)
      rack
    rack-test (0.6.1)
      rack (>= 1.0)
    rails (3.1.1.rc2)
      actionmailer (= 3.1.1.rc2)
      actionpack (= 3.1.1.rc2)
      activerecord (= 3.1.1.rc2)
      activeresource (= 3.1.1.rc2)
      activesupport (= 3.1.1.rc2)
      bundler (~> 1.0)
      railties (= 3.1.1.rc2)
    railties (3.1.1.rc2)
      actionpack (= 3.1.1.rc2)
      activesupport (= 3.1.1.rc2)
      rack-ssl (~> 1.3.2)
      rake (>= 0.8.7)
      rdoc (~> 3.4)
      thor (~> 0.14.6)
    rake (0.9.2)
    rdoc (3.9.4)
    sass (3.1.8)
    sass-rails (3.1.3)
      actionpack (~> 3.1.0)
      railties (~> 3.1.0)
      sass (>= 3.1.4)
      sprockets (~> 2.0.0)
      tilt (~> 1.3.2)
    sprockets (2.0.1)
      hike (~> 1.2)
      rack (~> 1.0)
      tilt (~> 1.1, != 1.3.0)
    sqlite3 (1.3.4)
    thor (0.14.6)
    tilt (1.3.3)
    treetop (1.4.10)
      polyglot
      polyglot (>= 0.3.1)
    tzinfo (0.3.30)
    uglifier (1.0.3)
      execjs (>= 0.3.0)
      multi_json (>= 1.0.2)
    warden (1.0.5)
      rack (>= 1.0)

PLATFORMS
  ruby

DEPENDENCIES
  airbrake
  coffee-rails (~> 3.1.0)
  devise
  jquery-rails
  json
  pg
  rails
  sass-rails (~> 3.1.0)
  sqlite3
  uglifier (>= 1.0.3)
